GEM
  remote: http://rubygems.org/
  specs:
    httparty (0.14.0)
      multi_xml (>= 0.5.2)
    mplayer-ruby (0.2.0)
      open4 (~> 1.3.0)
    multi_xml (0.6.0)
    open4 (1.3.4)

PLATFORMS
  ruby

DEPENDENCIES
  httparty
  mplayer-ruby

BUNDLED WITH
   1.13.7
